GEM
  remote: http://rubygems.org/
  specs:
    diff-lcs (1.2.1)
    macaddr (1.6.1)
      systemu (~> 2.5.0)
    methodic (1.2)
    rake (10.0.4)
    rdoc (4.0.0)
    roodi (2.2.0)
      ruby_parser (~> 2.3.0)
    rspec (2.13.0)
      rspec-core (~> 2.13.0)
      rspec-expectations (~> 2.13.0)
      rspec-mocks (~> 2.13.0)
    rspec-core (2.13.1)
    rspec-expectations (2.13.0)
      diff-lcs (>= 1.1.3, < 2.0)
    rspec-mocks (2.13.0)
    ruby_parser (2.3.1)
      sexp_processor (~> 3.0)
    sexp_processor (3.2.0)
    systemu (2.5.2)
    uuid (2.3.7)
      macaddr (~> 1.0)
    yard (0.8.5.2)
    yard-rspec (0.1)
      yard

PLATFORMS
  ruby

DEPENDENCIES
  methodic
  rake
  rdoc
  roodi
  rspec
  uuid
  yard
  yard-rspec
